GIT
  remote: git@github.com:nature/macmillan-utils.git
  revision: e3e4b2cdb8e2781727793a9ba4f50c0b2969f1f7
  specs:
    macmillan-utils (0.0.1)
      codeclimate-test-reporter
      multi_test
      rspec
      rubocop
      simplecov
      simplecov-rcov
      syslog-logger
      webmock

PATH
  remote: .
  specs:
    bandiera-client (2.2.0)
      moneta
      rest_client

GEM
  remote: https://rubygems.org/
  specs:
    addressable (2.3.6)
    ast (2.0.0)
    astrolabe (1.3.0)
      parser (>= 2.2.0.pre.3, < 3.0)
    codeclimate-test-reporter (0.4.0)
      simplecov (>= 0.7.1, < 1.0.0)
    coderay (1.1.0)
    crack (0.4.2)
      safe_yaml (~> 1.0.0)
    diff-lcs (1.2.5)
    docile (1.1.5)
    method_source (0.8.2)
    moneta (0.8.0)
    multi_json (1.10.1)
    multi_test (0.1.1)
    netrc (0.7.7)
    parser (2.2.0.pre.4)
      ast (>= 1.1, < 3.0)
      slop (~> 3.4, >= 3.4.5)
    powerpack (0.0.9)
    pry (0.10.1)
      coderay (~> 1.1.0)
      method_source (~> 0.8.1)
      slop (~> 3.4)
    rainbow (2.0.0)
    rake (10.3.2)
    rest_client (1.7.3)
      netrc (~> 0.7.7)
    rspec (3.1.0)
      rspec-core (~> 3.1.0)
      rspec-expectations (~> 3.1.0)
      rspec-mocks (~> 3.1.0)
    rspec-core (3.1.3)
      rspec-support (~> 3.1.0)
    rspec-expectations (3.1.1)
      diff-lcs (>= 1.2.0, < 2.0)
      rspec-support (~> 3.1.0)
    rspec-mocks (3.1.0)
      rspec-support (~> 3.1.0)
    rspec-support (3.1.0)
    rubocop (0.26.0)
      astrolabe (~> 1.3)
      parser (>= 2.2.0.pre.4, < 3.0)
      powerpack (~> 0.0.6)
      rainbow (>= 1.99.1, < 3.0)
      ruby-progressbar (~> 1.4)
    ruby-progressbar (1.5.1)
    safe_yaml (1.0.3)
    simplecov (0.9.0)
      docile (~> 1.1.0)
      multi_json
      simplecov-html (~> 0.8.0)
    simplecov-html (0.8.0)
    simplecov-rcov (0.2.3)
      simplecov (>= 0.4.1)
    slop (3.6.0)
    syslog-logger (1.6.8)
    webmock (1.18.0)
      addressable (>= 2.3.6)
      crack (>= 0.3.2)

PLATFORMS
  ruby

DEPENDENCIES
  bandiera-client!
  bundler
  macmillan-utils!
  pry
  rake
  rspec
  webmock
