GIT
  remote: git@github.com:nature/macmillan-utils.git
  revision: fc6f25a3ea47c65536a88308f687779349682fb3
  specs:
    macmillan-utils (0.0.1)
      codeclimate-test-reporter
      rspec
      simplecov
      simplecov-rcov
      webmock

PATH
  remote: .
  specs:
    bandiera-client (2.0.3)
      rest_client

GEM
  remote: https://rubygems.org/
  specs:
    addressable (2.3.6)
    codeclimate-test-reporter (0.3.0)
      simplecov (>= 0.7.1, < 1.0.0)
    coderay (1.1.0)
    crack (0.4.2)
      safe_yaml (~> 1.0.0)
    diff-lcs (1.2.5)
    docile (1.1.3)
    method_source (0.8.2)
    multi_json (1.9.3)
    netrc (0.7.7)
    pry (0.9.12.6)
      coderay (~> 1.0)
      method_source (~> 0.8)
      slop (~> 3.4)
    rake (10.3.1)
    rest_client (1.7.3)
      netrc (~> 0.7.7)
    rspec (2.14.1)
      rspec-core (~> 2.14.0)
      rspec-expectations (~> 2.14.0)
      rspec-mocks (~> 2.14.0)
    rspec-core (2.14.8)
    rspec-expectations (2.14.5)
      diff-lcs (>= 1.1.3, < 2.0)
    rspec-mocks (2.14.6)
    safe_yaml (1.0.3)
    simplecov (0.8.2)
      docile (~> 1.1.0)
      multi_json
      simplecov-html (~> 0.8.0)
    simplecov-html (0.8.0)
    simplecov-rcov (0.2.3)
      simplecov (>= 0.4.1)
    slop (3.5.0)
    webmock (1.17.4)
      addressable (>= 2.2.7)
      crack (>= 0.3.2)

PLATFORMS
  ruby

DEPENDENCIES
  bandiera-client!
  bundler
  macmillan-utils!
  pry
  rake
  rspec
  webmock
